GIT
  remote: https://github.com/ahoward/dao
  revision: 2e8d9081371c42b79495207d1990cdda612c7910
  specs:
    dao (5.3.0)
      coerce (>= 0.0.3)
      fattr (>= 2.2)
      map (>= 6.0.0)
      multi_json (>= 1.0.3)
      rails (>= 3.1)
      rails_current (>= 1.8.0)
      rails_errors2html (>= 1.3.0)
      tagz (>= 9.9.2)
      uuidtools (>= 2.1.2)
      wrap (>= 1.5.0)

GIT
  remote: https://github.com/ahoward/tagz
  revision: 5f49d14aeeb15758e929a4459fd4f948a6243b1a
  specs:
    tagz (9.9.2)

GIT
  remote: https://github.com/benedikt/mongoid-tree.git
  revision: 6553e06024833d96370e2c8f48e7cd3c7d52a0fd
  specs:
    mongoid-tree (1.0.1)
      mongoid (>= 3.0, <= 4.0)

GIT
  remote: https://github.com/dojo4/FuelSDK-Ruby
  revision: 54e40676593b79366c406eb765e484047f4ef390
  specs:
    fuelsdk (0.0.5)
      json (~> 1.7.0)
      jwt (~> 0.1.6)
      savon (= 2.2.0)

GEM
  remote: https://rubygems.org/
  specs:
    actionmailer (3.2.13)
      actionpack (= 3.2.13)
      mail (~> 2.5.3)
    actionpack (3.2.13)
      activemodel (= 3.2.13)
      activesupport (= 3.2.13)
      builder (~> 3.0.0)
      erubis (~> 2.7.0)
      journey (~> 1.0.4)
      rack (~> 1.4.5)
      rack-cache (~> 1.2)
      rack-test (~> 0.6.1)
      sprockets (~> 2.2.1)
    activemodel (3.2.13)
      activesupport (= 3.2.13)
      builder (~> 3.0.0)
    activerecord (3.2.13)
      activemodel (= 3.2.13)
      activesupport (= 3.2.13)
      arel (~> 3.0.2)
      tzinfo (~> 0.3.29)
    activeresource (3.2.13)
      activemodel (= 3.2.13)
      activesupport (= 3.2.13)
    activesupport (3.2.13)
      i18n (= 0.6.1)
      multi_json (~> 1.0)
    akami (1.2.0)
      gyoku (>= 0.4.0)
      nokogiri (>= 1.4.0)
    arel (3.0.2)
    arrayfields (4.9.0)
    auto_excerpt (0.7.1)
    aws-sdk (1.8.5)
      json (~> 1.4)
      nokogiri (>= 1.4.4)
      uuidtools (~> 2.1)
    bcrypt-ruby (3.0.1)
    blankslate (2.1.2.4)
    builder (3.0.4)
    cap-ssh (0.1.1)
    capistrano (2.12.0)
      highline
      net-scp (>= 1.0.0)
      net-sftp (>= 2.0.0)
      net-ssh (>= 2.0.14)
      net-ssh-gateway (>= 1.1.0)
    capistrano_colors (0.5.5)
    chronic (0.10.2)
    codemirror-rails (3.13)
      railties (>= 3.0, < 5)
    coderay (1.0.7)
    coerce (0.0.4)
      chronic (>= 0.6.2)
    coffee-rails (3.2.2)
      coffee-script (>= 2.2.0)
      railties (~> 3.2.0)
    coffee-script (2.2.0)
      coffee-script-source
      execjs
    coffee-script-source (1.3.3)
    commonjs (0.2.6)
    erubis (2.7.0)
    eventmachine (0.12.10)
    execjs (1.4.0)
      multi_json (~> 1.0)
    faker (1.0.1)
      i18n (~> 0.4)
    faraday (0.8.4)
      multipart-post (~> 1.1)
    faraday_middleware (0.8.8)
      faraday (>= 0.7.4, < 0.9)
    fast-stemmer (1.0.1)
    fattr (2.2.1)
    ffi (1.0.11)
    ffi-uuid (0.1.3)
      ffi (>= 0.6.3)
    gyoku (1.0.0)
      builder (>= 2.1.2)
    handlebars (0.3.1)
      commonjs (~> 0.2.3)
      therubyracer (~> 0.10.0)
    hashie (1.2.0)
    highline (1.6.16)
    hike (1.2.3)
    http_parser.rb (0.5.3)
    httpi (2.0.2)
      rack
    i18n (0.6.1)
    journey (1.0.4)
    jquery-rails (2.0.2)
      railties (>= 3.2.0, < 5.0)
      thor (~> 0.14)
    json (1.7.7)
    jwt (0.1.8)
      multi_json (>= 1.5)
    kaminari (0.13.0)
      actionpack (>= 3.0.0)
      activesupport (>= 3.0.0)
      railties (>= 3.0.0)
    libv8 (3.3.10.4)
    lorem_ipsum (0.0.2)
    mail (2.5.4)
      mime-types (~> 1.16)
      treetop (~> 1.4.8)
    main (5.2.0)
      arrayfields (>= 4.7.4)
      chronic (>= 0.6.2)
      fattr (>= 2.2.0)
      map (>= 5.1.0)
    map (6.5.1)
    method_source (0.7.1)
    mime-types (1.25)
    mini_magick (3.4)
      subexec (~> 0.2.1)
    mongoid (3.1.5)
      activemodel (~> 3.2)
      moped (~> 1.4)
      origin (~> 1.0)
      tzinfo (~> 0.3.29)
    mongoid-fts (1.0.0)
      coerce (~> 0.0)
      map (~> 6.5)
      mongoid (~> 3.1)
    mongoid-grid_fs (1.8.0)
      mime-types (~> 1.19)
      mongoid (~> 3.0)
    mongoid-store (0.4.4)
      activesupport (~> 3.2)
      mongoid (~> 3.0)
    mongoid_rails_migrations (1.0.0)
      activesupport (>= 3.2.0)
      bundler (>= 1.0.0)
      rails (>= 3.2.0)
      railties (>= 3.2.0)
    moped (1.5.1)
    multi_json (1.8.2)
    multipart-post (1.1.5)
    net-scp (1.0.4)
      net-ssh (>= 1.99.1)
    net-sftp (2.0.5)
      net-ssh (>= 2.0.9)
    net-ssh (2.5.2)
    net-ssh-gateway (1.1.0)
      net-ssh (>= 1.99.1)
    nokogiri (1.5.5)
    nori (2.1.0)
    numbers_and_words (0.9.0)
      activesupport
      i18n
    origin (1.1.0)
    phony (1.9.0)
    polyglot (0.3.3)
    pry (0.9.9.6)
      coderay (~> 1.0.5)
      method_source (~> 0.7.1)
      slop (>= 2.4.4, < 3)
    pry-nav (0.2.1)
      pry (~> 0.9.9)
    pygments.rb (0.2.13)
      rubypython (~> 0.5.3)
    rack (1.4.5)
    rack-cache (1.2)
      rack (>= 0.4)
    rack-ssl (1.3.3)
      rack
    rack-test (0.6.2)
      rack (>= 1.0)
    rails (3.2.13)
      actionmailer (= 3.2.13)
      actionpack (= 3.2.13)
      activerecord (= 3.2.13)
      activeresource (= 3.2.13)
      activesupport (= 3.2.13)
      bundler (~> 1.0)
      railties (= 3.2.13)
    rails_current (1.8.0)
      map (>= 6.0.1)
    rails_default_url_options (2.0.0)
    rails_errors2html (1.4.2)
      fattr (>= 2.2.1)
      map (>= 6.2.0)
      rails_view (>= 1.0.1)
    rails_helper (1.3.0)
      rails_current (>= 1.0)
      rails_default_url_options (>= 1.0)
    rails_nav (2.5.0)
      map (>= 6.5)
      rails_current (>= 1.6)
      rails_helper (>= 1.2)
    rails_view (1.0.1)
    railties (3.2.13)
      actionpack (= 3.2.13)
      activesupport (= 3.2.13)
      rack-ssl (~> 1.3.2)
      rake (>= 0.8.7)
      rdoc (~> 3.4)
      thor (>= 0.14.6, < 2.0)
    rake (10.1.0)
    rdoc (3.12.2)
      json (~> 1.4)
    redcarpet (2.1.1)
    rubypython (0.5.3)
      blankslate (>= 2.1.2.3)
      ffi (~> 1.0.7)
    rvm-capistrano (1.4.1)
      capistrano (>= 2.0.0)
    sass (3.1.20)
    sass-rails (3.2.5)
      railties (~> 3.2.0)
      sass (>= 3.1.10)
      tilt (~> 1.3)
    savon (2.2.0)
      akami (~> 1.2.0)
      builder (>= 2.1.2)
      gyoku (~> 1.0.0)
      httpi (~> 2.0.2)
      nokogiri (>= 1.4.0)
      nori (~> 2.1.0)
      wasabi (~> 3.1.0)
    sekrets (1.6.0)
      coerce (>= 0.0.3)
      fattr (>= 2.2.1)
      highline (>= 1.6.15)
      main (>= 5.1.1)
      map (>= 6.3.0)
    shared (1.1.0)
    simple_oauth (0.1.9)
    slop (2.4.4)
    sprockets (2.2.2)
      hike (~> 1.2)
      multi_json (~> 1.0)
      rack (~> 1.0)
      tilt (~> 1.1, != 1.3.0)
    stringex (1.4.0)
    subexec (0.2.2)
    systemu (2.5.1)
    terminator (1.0.0)
      fattr (>= 2.2)
    therubyracer (0.10.1)
      libv8 (~> 3.3.10)
    thor (0.18.1)
    threadify (1.3.0)
    tilt (1.4.1)
    tinder (1.9.0)
      activesupport (>= 2.3, < 4)
      eventmachine (>= 0.12.0, < 2)
      faraday (~> 0.8)
      faraday_middleware (~> 0.8)
      hashie (~> 1.0)
      json (~> 1.6)
      mime-types (~> 1.16)
      multi_json (~> 1.0)
      multipart-post (~> 1.1)
      twitter-stream (~> 0.1)
    treetop (1.4.15)
      polyglot
      polyglot (>= 0.3.1)
    twitter-stream (0.1.16)
      eventmachine (>= 0.12.8)
      http_parser.rb (~> 0.5.1)
      simple_oauth (~> 0.1.4)
    tzinfo (0.3.38)
    uglifier (1.2.6)
      execjs (>= 0.3.0)
      multi_json (~> 1.3)
    uuidtools (2.1.4)
    wasabi (3.1.0)
      httpi (~> 2.0)
      nokogiri (>= 1.4.0)
    webrick (1.3.1)
    whenever (0.8.4)
      activesupport (>= 2.3.4)
      chronic (>= 0.6.3)
    wrap (1.5.0)
      map (>= 4.7.1)
    yajl-ruby (1.1.0)

PLATFORMS
  ruby

DEPENDENCIES
  auto_excerpt
  aws-sdk
  bcrypt-ruby
  cap-ssh
  capistrano
  capistrano_colors
  codemirror-rails
  coerce
  coffee-rails (~> 3.2.1)
  dao!
  faker
  fast-stemmer
  fattr
  ffi-uuid
  fuelsdk!
  handlebars
  jquery-rails (~> 2.0.0)
  json (~> 1.7.0)
  kaminari
  lorem_ipsum
  map
  mini_magick
  mongoid
  mongoid-fts
  mongoid-grid_fs (>= 1.7.0)
  mongoid-store
  mongoid-tree!
  mongoid_rails_migrations
  moped
  multi_json
  nokogiri
  numbers_and_words
  origin
  phony
  pry
  pry-nav
  pygments.rb
  rails (= 3.2.13)
  rails_current
  rails_default_url_options
  rails_errors2html
  rails_helper
  rails_nav
  rails_view
  redcarpet
  rvm-capistrano
  sass-rails (~> 3.2.3)
  sekrets
  shared
  stringex
  systemu
  tagz!
  terminator
  therubyracer
  threadify
  tinder
  uglifier (>= 1.0.3)
  webrick (>= 1.3.1)
  whenever
  yajl-ruby
