GIT
  remote: git@github.com:ahoward/whenever.git
  revision: 36ef9da0eb87dbe6b7b16cbe046c9963c8fd88e9
  specs:
    whenever (0.9.2)
      activesupport (>= 2.3.4)
      chronic (>= 0.6.3)

GIT
  remote: https://github.com/ahoward/dao
  revision: 4f4d6a0599616a98b197023e1f0b1f82964250f6
  specs:
    dao (5.3.3)
      coerce (>= 0.0.3)
      fattr (>= 2.2)
      map (>= 6.0.0)
      multi_json (>= 1.0.3)
      rails (>= 3.1)
      rails_current (>= 1.8.0)
      rails_errors2html (>= 1.3.0)
      tagz (>= 9.9.2)
      uuidtools (>= 2.1.2)
      wrap (>= 1.5.0)

GIT
  remote: https://github.com/ahoward/tagz
  revision: 5f49d14aeeb15758e929a4459fd4f948a6243b1a
  specs:
    tagz (9.9.2)

GIT
  remote: https://github.com/benedikt/mongoid-tree.git
  revision: e02a108103cfd34ed697ba0a3109e513483743f7
  specs:
    mongoid-tree (1.0.4)
      mongoid (>= 3.0, <= 4.0)

GIT
  remote: https://github.com/dojo4/FuelSDK-Ruby
  revision: 399a72032a8b483e3719d4d90f31a0c9a36c765a
  specs:
    fuelsdk (0.0.5)
      json (~> 1.7.0)
      jwt (~> 0.1.6)
      savon (= 2.2.0)

GEM
  remote: https://rubygems.org/
  specs:
    actionmailer (3.2.13)
      actionpack (= 3.2.13)
      mail (~> 2.5.3)
    actionpack (3.2.13)
      activemodel (= 3.2.13)
      activesupport (= 3.2.13)
      builder (~> 3.0.0)
      erubis (~> 2.7.0)
      journey (~> 1.0.4)
      rack (~> 1.4.5)
      rack-cache (~> 1.2)
      rack-test (~> 0.6.1)
      sprockets (~> 2.2.1)
    activemodel (3.2.13)
      activesupport (= 3.2.13)
      builder (~> 3.0.0)
    activerecord (3.2.13)
      activemodel (= 3.2.13)
      activesupport (= 3.2.13)
      arel (~> 3.0.2)
      tzinfo (~> 0.3.29)
    activeresource (3.2.13)
      activemodel (= 3.2.13)
      activesupport (= 3.2.13)
    activesupport (3.2.13)
      i18n (= 0.6.1)
      multi_json (~> 1.0)
    akami (1.2.1)
      gyoku (>= 0.4.0)
      nokogiri
    arel (3.0.3)
    arrayfields (4.9.2)
    auto_excerpt (0.7.1)
    aws-sdk (1.38.0)
      json (~> 1.4)
      nokogiri (>= 1.4.4)
      uuidtools (~> 2.1)
    bartt-ssl_requirement (1.4.2)
    bcrypt (3.1.7)
    builder (3.0.4)
    cap-ssh (0.1.1)
    capistrano (2.15.5)
      highline
      net-scp (>= 1.0.0)
      net-sftp (>= 2.0.0)
      net-ssh (>= 2.0.14)
      net-ssh-gateway (>= 1.1.0)
    capistrano_colors (0.5.5)
    chronic (0.10.2)
    codemirror-rails (3.22)
      railties (>= 3.0, < 5)
    coderay (1.1.0)
    coerce (0.0.6)
      chronic (>= 0.6.2)
    coffee-rails (3.2.2)
      coffee-script (>= 2.2.0)
      railties (~> 3.2.0)
    coffee-script (2.2.0)
      coffee-script-source
      execjs
    coffee-script-source (1.7.0)
    erubis (2.7.0)
    execjs (2.0.2)
    faker (1.3.0)
      i18n (~> 0.5)
    fast-stemmer (1.0.2)
    fattr (2.2.2)
    ffi (1.9.3)
    ffi-uuid (0.1.3)
      ffi (>= 0.6.3)
    flowdock (0.4.0)
      httparty (~> 0.7)
      multi_json
    font-awesome-rails (4.0.3.1)
      railties (>= 3.2, < 5.0)
    gyoku (1.0.0)
      builder (>= 2.1.2)
    handlebars (0.6.0)
      handlebars-source (~> 1.3.0)
      therubyracer (~> 0.12.0)
    handlebars-source (1.3.0)
    highline (1.6.21)
    hike (1.2.3)
    httparty (0.11.0)
      multi_json (~> 1.0)
      multi_xml (>= 0.5.2)
    httpi (2.0.2)
      rack
    i18n (0.6.1)
    journey (1.0.4)
    jquery-rails (2.0.3)
      railties (>= 3.1.0, < 5.0)
      thor (~> 0.14)
    json (1.7.7)
    jwt (0.1.11)
      multi_json (>= 1.5)
    kaminari (0.15.1)
      actionpack (>= 3.0.0)
      activesupport (>= 3.0.0)
    libv8 (3.16.14.3)
    lorem_ipsum (0.0.2)
    mail (2.5.4)
      mime-types (~> 1.16)
      treetop (~> 1.4.8)
    main (5.3.2)
      arrayfields (>= 4.7.4)
      chronic (>= 0.6.2)
      fattr (>= 2.2.0)
      map (>= 5.1.0)
      pry (>= 0.9)
    map (6.5.3)
    method_source (0.8.2)
    mime-types (1.25.1)
    mini_magick (3.7.0)
      subexec (~> 0.2.1)
    mini_portile (0.5.3)
    mongoid (3.1.6)
      activemodel (~> 3.2)
      moped (~> 1.4)
      origin (~> 1.0)
      tzinfo (~> 0.3.29)
    mongoid-fts (1.1.1)
      coerce (~> 0.0)
      map (~> 6.5)
      mongoid (~> 3.1)
    mongoid-grid_fs (2.0.0)
      mime-types (>= 1.0, < 3.0)
      mongoid (>= 3.0, < 5.0)
    mongoid-store (0.4.4)
      activesupport (~> 3.2)
      mongoid (~> 3.0)
    mongoid_rails_migrations (1.0.1)
      activesupport (>= 3.2.0)
      bundler (>= 1.0.0)
      rails (>= 3.2.0)
      railties (>= 3.2.0)
    moped (1.5.2)
    multi_json (1.10.1)
    multi_xml (0.5.5)
    net-scp (1.1.2)
      net-ssh (>= 2.6.5)
    net-sftp (2.1.2)
      net-ssh (>= 2.6.5)
    net-ssh (2.8.0)
    net-ssh-gateway (1.2.0)
      net-ssh (>= 2.6.5)
    nokogiri (1.6.1)
      mini_portile (~> 0.5.0)
    nori (2.1.0)
    numbers_and_words (0.10.0)
      activesupport
      i18n
    origin (1.1.0)
    phony (2.2.3)
    polyglot (0.3.5)
    posix-spawn (0.3.8)
    pry (0.9.12.6)
      coderay (~> 1.0)
      method_source (~> 0.8)
      slop (~> 3.4)
    pry-nav (0.2.3)
      pry (~> 0.9.10)
    pygments.rb (0.5.4)
      posix-spawn (~> 0.3.6)
      yajl-ruby (~> 1.1.0)
    rack (1.4.5)
    rack-cache (1.2)
      rack (>= 0.4)
    rack-ssl (1.3.4)
      rack
    rack-test (0.6.2)
      rack (>= 1.0)
    rails (3.2.13)
      actionmailer (= 3.2.13)
      actionpack (= 3.2.13)
      activerecord (= 3.2.13)
      activeresource (= 3.2.13)
      activesupport (= 3.2.13)
      bundler (~> 1.0)
      railties (= 3.2.13)
    rails_current (1.8.2)
      map (>= 6.0.1)
    rails_default_url_options (2.1.0)
    rails_errors2html (1.4.2)
      fattr (>= 2.2.1)
      map (>= 6.2.0)
      rails_view (>= 1.0.1)
    rails_helper (1.3.0)
      rails_current (>= 1.0)
      rails_default_url_options (>= 1.0)
    rails_nav (2.5.3)
      map (>= 6.5)
      rails_current (>= 1.6)
      rails_helper (>= 1.2)
    rails_view (2.0.0)
    railties (3.2.13)
      actionpack (= 3.2.13)
      activesupport (= 3.2.13)
      rack-ssl (~> 1.3.2)
      rake (>= 0.8.7)
      rdoc (~> 3.4)
      thor (>= 0.14.6, < 2.0)
    rake (10.3.2)
    rdoc (3.12.2)
      json (~> 1.4)
    redcarpet (3.1.1)
    ref (1.0.5)
    rvm-capistrano (1.5.1)
      capistrano (~> 2.15.4)
    sass (3.3.4)
    sass-rails (3.2.6)
      railties (~> 3.2.0)
      sass (>= 3.1.10)
      tilt (~> 1.3)
    savon (2.2.0)
      akami (~> 1.2.0)
      builder (>= 2.1.2)
      gyoku (~> 1.0.0)
      httpi (~> 2.0.2)
      nokogiri (>= 1.4.0)
      nori (~> 2.1.0)
      wasabi (~> 3.1.0)
    sekrets (1.7.0)
      coerce (>= 0.0.3)
      fattr (>= 2.2.1)
      highline (>= 1.6.15)
      main (>= 5.1.1)
      map (>= 6.3.0)
    shared (1.1.2)
    slop (3.5.0)
    sprockets (2.2.2)
      hike (~> 1.2)
      multi_json (~> 1.0)
      rack (~> 1.0)
      tilt (~> 1.1, != 1.3.0)
    stringex (2.4.2)
    subexec (0.2.3)
    systemu (2.6.4)
    terminal-notifier (1.6.0)
    terminator (1.0.0)
      fattr (>= 2.2)
    therubyracer (0.12.1)
      libv8 (~> 3.16.14.0)
      ref
    thor (0.19.1)
    threadify (1.4.5)
    tilt (1.4.1)
    treetop (1.4.15)
      polyglot
      polyglot (>= 0.3.1)
    tzinfo (0.3.39)
    uglifier (2.2.1)
      execjs (>= 0.3.0)
      multi_json (~> 1.0, >= 1.0.2)
    uuidtools (2.1.4)
    wasabi (3.1.0)
      httpi (~> 2.0)
      nokogiri (>= 1.4.0)
    webrick (1.3.1)
    wrap (1.5.2)
      map (>= 4.7.1)
    yajl-ruby (1.1.0)

PLATFORMS
  ruby

DEPENDENCIES
  auto_excerpt
  aws-sdk
  bartt-ssl_requirement (~> 1.4.0)
  bcrypt
  cap-ssh
  capistrano
  capistrano_colors
  codemirror-rails
  coerce
  coffee-rails (~> 3.2.1)
  dao!
  faker
  fast-stemmer
  fattr
  ffi-uuid
  flowdock
  font-awesome-rails
  fuelsdk!
  handlebars
  jquery-rails (~> 2.0.0)
  json (~> 1.7.0)
  kaminari
  lorem_ipsum
  map
  mini_magick
  mongoid
  mongoid-fts
  mongoid-grid_fs (>= 1.7.0)
  mongoid-store
  mongoid-tree!
  mongoid_rails_migrations
  moped
  multi_json
  nokogiri
  numbers_and_words
  origin
  phony
  pry
  pry-nav
  pygments.rb
  rails (= 3.2.13)
  rails_current
  rails_default_url_options
  rails_errors2html
  rails_helper
  rails_nav
  rails_view
  redcarpet
  rvm-capistrano
  sass-rails (~> 3.2.3)
  sekrets
  shared
  stringex
  systemu
  tagz!
  terminal-notifier
  terminator
  therubyracer
  threadify
  uglifier (>= 1.0.3)
  webrick (>= 1.3.1)
  whenever!
  yajl-ruby
